GEM
  remote: http://rubygems.org/
  specs:
    builder (3.0.0)
    diff-lcs (1.1.3)
    eventmachine (0.12.10)
    excon (0.14.1)
    ffi (1.0.11)
    fog (1.4.0)
      builder
      excon (~> 0.14.0)
      formatador (~> 0.2.0)
      mime-types
      multi_json (~> 1.0)
      net-scp (~> 1.0.4)
      net-ssh (>= 2.1.3)
      nokogiri (~> 1.5.0)
      ruby-hmac
    formatador (0.2.3)
    growl (1.0.3)
    guard (1.2.1)
      listen (>= 0.4.2)
      thor (>= 0.14.6)
    guard-rspec (1.1.0)
      guard (>= 1.1)
    http_parser.rb (0.5.3)
    listen (0.4.6)
      rb-fchange (~> 0.0.5)
      rb-fsevent (~> 0.9.1)
      rb-inotify (~> 0.8.8)
    mime-types (1.19)
    mock_redis (0.4.1)
    multi_json (1.3.6)
    net-scp (1.0.4)
      net-ssh (>= 1.99.1)
    net-ssh (2.5.2)
    nokogiri (1.5.5)
    rb-fchange (0.0.5)
      ffi
    rb-fsevent (0.9.1)
    rb-inotify (0.8.8)
      ffi (>= 0.5.0)
    redis (3.0.1)
    rspec (2.10.0)
      rspec-core (~> 2.10.0)
      rspec-expectations (~> 2.10.0)
      rspec-mocks (~> 2.10.0)
    rspec-core (2.10.1)
    rspec-expectations (2.10.0)
      diff-lcs (~> 1.1.3)
    rspec-mocks (2.10.1)
    ruby-hmac (0.4.0)
    simple_oauth (0.1.8)
    thor (0.15.3)
    timecop (0.3.5)
    twitter-stream (0.1.15)
      eventmachine (>= 0.12.8)
      http_parser.rb (~> 0.5.1)
      simple_oauth (~> 0.1.4)

PLATFORMS
  ruby

DEPENDENCIES
  eventmachine
  fog
  growl
  guard-rspec
  mock_redis
  redis
  rspec
  timecop
  twitter-stream
